STORAGE: NONE
NUGET
  remote: https://www.nuget.org/api/v2
    FSharp.Core (5.0.2)
    Hopac (0.5.1)
      FSharp.Core (>= 4.5.2) - restriction: >= netstandard2.0
